GEM
  remote: http://rubygems.org/
  specs:
    addressable (2.2.8)
    aws_cf_signer (0.1.1)
    bcrypt-ruby (3.0.1)
    builder (3.2.2)
    cloudinary (1.0.58)
      aws_cf_signer
      rest-client
    data_objects (0.10.13)
      addressable (~> 2.1)
    datamapper (1.2.0)
      dm-aggregates (~> 1.2.0)
      dm-constraints (~> 1.2.0)
      dm-core (~> 1.2.0)
      dm-migrations (~> 1.2.0)
      dm-serializer (~> 1.2.0)
      dm-timestamps (~> 1.2.0)
      dm-transactions (~> 1.2.0)
      dm-types (~> 1.2.0)
      dm-validations (~> 1.2.0)
    dm-aggregates (1.2.0)
      dm-core (~> 1.2.0)
    dm-constraints (1.2.0)
      dm-core (~> 1.2.0)
    dm-core (1.2.0)
      addressable (~> 2.2.6)
    dm-do-adapter (1.2.0)
      data_objects (~> 0.10.6)
      dm-core (~> 1.2.0)
    dm-migrations (1.2.0)
      dm-core (~> 1.2.0)
    dm-postgres-adapter (1.2.0)
      dm-do-adapter (~> 1.2.0)
      do_postgres (~> 0.10.6)
    dm-serializer (1.2.2)
      dm-core (~> 1.2.0)
      fastercsv (~> 1.5)
      json (~> 1.6)
      json_pure (~> 1.6)
      multi_json (~> 1.0)
    dm-timestamps (1.2.0)
      dm-core (~> 1.2.0)
    dm-transactions (1.2.0)
      dm-core (~> 1.2.0)
    dm-types (1.2.2)
      bcrypt-ruby (~> 3.0)
      dm-core (~> 1.2.0)
      fastercsv (~> 1.5)
      json (~> 1.6)
      multi_json (~> 1.0)
      stringex (~> 1.4)
      uuidtools (~> 2.1)
    dm-validations (1.2.0)
      dm-core (~> 1.2.0)
    do_postgres (0.10.13)
      data_objects (= 0.10.13)
    fastercsv (1.5.5)
    json (1.8.0)
    json_pure (1.8.0)
    jwt (0.1.8)
      multi_json (>= 1.5)
    mail (2.5.4)
      mime-types (~> 1.16)
      treetop (~> 1.4.8)
    mime-types (1.23)
    mini_portile (0.5.1)
    multi_json (1.7.4)
    newrelic_rpm (3.6.6.147)
    nokogiri (1.6.0)
      mini_portile (~> 0.5.0)
    pdfkit (0.5.3)
    pg (0.16.0)
    polyglot (0.3.3)
    pony (1.5)
      mail (> 2.0)
    rack (1.5.2)
    rack-protection (1.5.0)
      rack
    rest-client (1.6.7)
      mime-types (>= 1.16)
    sanitize (2.0.6)
      nokogiri (>= 1.4.4)
    shotgun (0.9)
      rack (>= 1.0)
    sinatra (1.4.2)
      rack (~> 1.5, >= 1.5.2)
      rack-protection (~> 1.4)
      tilt (~> 1.3, >= 1.3.4)
    stringex (1.5.1)
    tilt (1.4.1)
    treetop (1.4.15)
      polyglot
      polyglot (>= 0.3.1)
    twilio-ruby (3.11.1)
      builder (>= 2.1.2)
      jwt (>= 0.1.2)
      multi_json (>= 1.3.0)
    uuidtools (2.1.4)
    wkhtmltopdf-binary (0.9.9.1)

PLATFORMS
  ruby

DEPENDENCIES
  cloudinary
  datamapper (~> 1.2.0)
  dm-postgres-adapter
  newrelic_rpm
  nokogiri
  pdfkit
  pg (~> 0.16.0)
  pony
  rest-client
  sanitize
  shotgun
  sinatra
  twilio-ruby
  wkhtmltopdf-binary
